GEM
  remote: https://rubygems.org/
  specs:
    rake (10.4.2)

PLATFORMS
  ruby

DEPENDENCIES
  rake (~> 10.4.2)

RUBY VERSION
   ruby 2.3.0p0

BUNDLED WITH
   1.13.6
