GEM
  remote: https://rubygems.org/
  specs:
    aws-sdk (2.8.9)
      aws-sdk-resources (= 2.8.9)
    aws-sdk-core (2.8.9)
      aws-sigv4 (~> 1.0)
      jmespath (~> 1.0)
    aws-sdk-resources (2.8.9)
      aws-sdk-core (= 2.8.9)
    aws-sigv4 (1.0.0)
    colored (1.2)
    configure-s3-website (2.0.0)
      aws-sdk (~> 2)
      deep_merge (~> 1.0.0)
    deep_merge (1.0.1)
    dotenv (1.0.2)
    jmespath (1.3.1)
    rake (10.4.2)
    s3_website (3.1.0)
      colored (= 1.2)
      configure-s3-website (= 2.0.0)
      dotenv (~> 1.0)
      thor (~> 0.18)
    thor (0.19.4)

PLATFORMS
  ruby

DEPENDENCIES
  rake (~> 10.4.2)
  s3_website

BUNDLED WITH
   1.14.5
